PATH
  remote: .
  specs:
    deepgram (0.1.0)
      faraday (~> 2.9)

GEM
  remote: https://rubygems.org/
  specs:
    diff-lcs (1.5.1)
    dotenv (3.1.0)
    faraday (2.9.0)
      faraday-net_http (>= 2.0, < 3.2)
    faraday-net_http (3.1.0)
      net-http
    net-http (0.4.1)
      uri
    rake (13.1.0)
    rspec (3.13.0)
      rspec-core (~> 3.13.0)
      rspec-expectations (~> 3.13.0)
      rspec-mocks (~> 3.13.0)
    rspec-core (3.13.0)
      rspec-support (~> 3.13.0)
    rspec-expectations (3.13.0)
      diff-lcs (>= 1.2.0, < 2.0)
      rspec-support (~> 3.13.0)
    rspec-mocks (3.13.0)
      diff-lcs (>= 1.2.0, < 2.0)
      rspec-support (~> 3.13.0)
    rspec-support (3.13.1)
    uri (0.13.0)

PLATFORMS
  ruby
  x86_64-darwin-23

DEPENDENCIES
  deepgram!
  dotenv (~> 3.1)
  rake (~> 13.0)
  rspec (~> 3.0)

BUNDLED WITH
   2.5.6
